STORAGE: NONE
RESTRICTION: == netstandard2.0
NUGET
  remote: https://api.nuget.org/v3/index.json
    FSharp.Core (9.0.100)
    Microsoft.Bcl.AsyncInterfaces (9.0)
      System.Threading.Tasks.Extensions (>= 4.5.4)
    Microsoft.Bcl.HashCode (6.0)
    Microsoft.Extensions.DependencyInjection.Abstractions (9.0)
      Microsoft.Bcl.AsyncInterfaces (>= 9.0)
      System.Threading.Tasks.Extensions (>= 4.5.4)
    Microsoft.Extensions.Logging.Abstractions (9.0)
      Microsoft.Extensions.DependencyInjection.Abstractions (>= 9.0)
      System.Buffers (>= 4.5.1)
      System.Diagnostics.DiagnosticSource (>= 9.0)
      System.Memory (>= 4.5.5)
    NetTopologySuite (2.5)
      System.Memory (>= 4.5.4)
    NetTopologySuite.IO.PostGis (2.1)
      NetTopologySuite (>= 2.0 < 3.0.0-A)
    Npgsql (8.0.6)
      Microsoft.Bcl.HashCode (>= 1.1.1)
      Microsoft.Extensions.Logging.Abstractions (>= 8.0)
      System.Collections.Immutable (>= 8.0)
      System.Diagnostics.DiagnosticSource (>= 8.0)
      System.Runtime.CompilerServices.Unsafe (>= 6.0)
      System.Text.Json (>= 8.0.5)
      System.Threading.Channels (>= 8.0)
    Npgsql.NetTopologySuite (8.0.6)
      NetTopologySuite (>= 2.5)
      NetTopologySuite.IO.PostGis (>= 2.1)
      Npgsql (>= 8.0.6)
    System.Buffers (4.6)
    System.Collections.Immutable (9.0)
      System.Memory (>= 4.5.5)
      System.Runtime.CompilerServices.Unsafe (>= 6.0)
    System.Diagnostics.DiagnosticSource (9.0)
      System.Memory (>= 4.5.5)
      System.Runtime.CompilerServices.Unsafe (>= 6.0)
    System.IO.Pipelines (9.0)
      System.Buffers (>= 4.5.1)
      System.Memory (>= 4.5.5)
      System.Threading.Tasks.Extensions (>= 4.5.4)
    System.Memory (4.6)
      System.Buffers (>= 4.6)
      System.Numerics.Vectors (>= 4.6)
      System.Runtime.CompilerServices.Unsafe (>= 6.1)
    System.Numerics.Vectors (4.6)
    System.Runtime.CompilerServices.Unsafe (6.1)
    System.Text.Encodings.Web (9.0)
      System.Buffers (>= 4.5.1)
      System.Memory (>= 4.5.5)
      System.Runtime.CompilerServices.Unsafe (>= 6.0)
    System.Text.Json (9.0)
      Microsoft.Bcl.AsyncInterfaces (>= 9.0)
      System.Buffers (>= 4.5.1)
      System.IO.Pipelines (>= 9.0)
      System.Memory (>= 4.5.5)
      System.Runtime.CompilerServices.Unsafe (>= 6.0)
      System.Text.Encodings.Web (>= 9.0)
      System.Threading.Tasks.Extensions (>= 4.5.4)
    System.Threading.Channels (9.0)
      Microsoft.Bcl.AsyncInterfaces (>= 9.0)
      System.Threading.Tasks.Extensions (>= 4.5.4)
    System.Threading.Tasks.Extensions (4.6)
      System.Runtime.CompilerServices.Unsafe (>= 6.1)

GROUP tests
STORAGE: NONE
RESTRICTION: == net9.0
NUGET
  remote: https://api.nuget.org/v3/index.json
    FSharp.Core (9.0.100)
    Microsoft.CodeCoverage (17.11.1)
    Microsoft.Extensions.DependencyInjection.Abstractions (9.0)
    Microsoft.Extensions.Logging.Abstractions (9.0)
      Microsoft.Extensions.DependencyInjection.Abstractions (>= 9.0)
    Microsoft.NET.Test.Sdk (17.11.1)
      Microsoft.CodeCoverage (>= 17.11.1)
      Microsoft.TestPlatform.TestHost (>= 17.11.1)
    Microsoft.TestPlatform.ObjectModel (17.11.1)
      System.Reflection.Metadata (>= 1.6)
    Microsoft.TestPlatform.TestHost (17.11.1)
      Microsoft.TestPlatform.ObjectModel (>= 17.11.1)
      Newtonsoft.Json (>= 13.0.1)
    NetTopologySuite (2.5)
      System.Memory (>= 4.5.4)
    NetTopologySuite.IO.PostGis (2.1)
      NetTopologySuite (>= 2.0 < 3.0.0-A)
    Newtonsoft.Json (13.0.3)
    Npgsql (9.0)
      Microsoft.Extensions.Logging.Abstractions (>= 8.0.2)
      System.Text.Json (>= 9.0)
    Npgsql.NetTopologySuite (9.0)
      NetTopologySuite (>= 2.5)
      NetTopologySuite.IO.PostGis (>= 2.1)
      Npgsql (>= 9.0)
    System.Memory (4.6)
    System.Reflection.Metadata (9.0)
    System.Text.Json (9.0)
    xunit (2.9.2)
      xunit.analyzers (>= 1.16)
      xunit.assert (>= 2.9.2)
      xunit.core (2.9.2)
    xunit.abstractions (2.0.3)
    xunit.analyzers (1.17)
    xunit.assert (2.9.2)
    xunit.core (2.9.2)
      xunit.extensibility.core (2.9.2)
      xunit.extensibility.execution (2.9.2)
    xunit.extensibility.core (2.9.2)
      xunit.abstractions (>= 2.0.3)
    xunit.extensibility.execution (2.9.2)
      xunit.extensibility.core (2.9.2)
    xunit.runner.visualstudio (2.8.2)

GROUP tpsdk
STORAGE: NONE
RESTRICTION: == netstandard2.0
GITHUB
  remote: kerams/FSharp.TypeProviders.SDK
    src/ProvidedTypes.fs (05910a8380e50deec6c3a67da97ce9d7482226db)
    src/ProvidedTypes.fsi (05910a8380e50deec6c3a67da97ce9d7482226db)