STORAGE: NONE
RESTRICTION: == netstandard2.0
NUGET
  remote: https://api.nuget.org/v3/index.json
    FSharp.Core (7.0.200)
    Microsoft.Bcl.AsyncInterfaces (7.0)
      System.Threading.Tasks.Extensions (>= 4.5.4)
    Microsoft.Bcl.HashCode (1.1.1)
    Microsoft.Extensions.Logging.Abstractions (7.0)
      System.Buffers (>= 4.5.1)
      System.Memory (>= 4.5.5)
    NetTopologySuite (2.5)
      System.Memory (>= 4.5.4)
    NetTopologySuite.IO.PostGis (2.1)
      NetTopologySuite (>= 2.0 < 3.0.0-A)
    Npgsql (7.0.2)
      Microsoft.Bcl.HashCode (>= 1.1.1)
      Microsoft.Extensions.Logging.Abstractions (>= 6.0)
      System.Collections.Immutable (>= 7.0)
      System.Diagnostics.DiagnosticSource (>= 6.0)
      System.Runtime.CompilerServices.Unsafe (>= 6.0)
      System.Text.Json (>= 7.0)
      System.Threading.Channels (>= 7.0)
    Npgsql.NetTopologySuite (7.0.2)
      NetTopologySuite (>= 2.5)
      NetTopologySuite.IO.PostGis (>= 2.1)
      Npgsql (>= 7.0.2)
    System.Buffers (4.5.1)
    System.Collections.Immutable (7.0)
      System.Memory (>= 4.5.5)
      System.Runtime.CompilerServices.Unsafe (>= 6.0)
    System.Diagnostics.DiagnosticSource (7.0.2)
      System.Memory (>= 4.5.5)
      System.Runtime.CompilerServices.Unsafe (>= 6.0)
    System.Memory (4.5.5)
      System.Buffers (>= 4.5.1)
      System.Numerics.Vectors (>= 4.4)
      System.Runtime.CompilerServices.Unsafe (>= 4.5.3)
    System.Numerics.Vectors (4.5)
    System.Runtime.CompilerServices.Unsafe (6.0)
    System.Text.Encodings.Web (7.0)
      System.Buffers (>= 4.5.1)
      System.Memory (>= 4.5.5)
      System.Runtime.CompilerServices.Unsafe (>= 6.0)
    System.Text.Json (7.0.2)
      Microsoft.Bcl.AsyncInterfaces (>= 7.0)
      System.Buffers (>= 4.5.1)
      System.Memory (>= 4.5.5)
      System.Numerics.Vectors (>= 4.5)
      System.Runtime.CompilerServices.Unsafe (>= 6.0)
      System.Text.Encodings.Web (>= 7.0)
      System.Threading.Tasks.Extensions (>= 4.5.4)
    System.Threading.Channels (7.0)
      System.Threading.Tasks.Extensions (>= 4.5.4)
    System.Threading.Tasks.Extensions (4.5.4)
      System.Runtime.CompilerServices.Unsafe (>= 4.5.3)

GROUP tests
STORAGE: NONE
RESTRICTION: == net7.0
NUGET
  remote: https://api.nuget.org/v3/index.json
    FSharp.Core (7.0.200)
    Microsoft.CodeCoverage (17.5)
    Microsoft.Extensions.Logging.Abstractions (7.0)
    Microsoft.NET.Test.Sdk (17.5)
      Microsoft.CodeCoverage (>= 17.5)
      Microsoft.TestPlatform.TestHost (>= 17.5)
    Microsoft.NETCore.Platforms (7.0)
    Microsoft.TestPlatform.ObjectModel (17.5)
      NuGet.Frameworks (>= 5.11)
      System.Reflection.Metadata (>= 1.6)
    Microsoft.TestPlatform.TestHost (17.5)
      Microsoft.TestPlatform.ObjectModel (>= 17.5)
      Newtonsoft.Json (>= 13.0.1)
    NETStandard.Library (2.0.3)
      Microsoft.NETCore.Platforms (>= 1.1)
    NetTopologySuite (2.5)
      System.Memory (>= 4.5.4)
    NetTopologySuite.IO.PostGis (2.1)
      NetTopologySuite (>= 2.0 < 3.0.0-A)
    Newtonsoft.Json (13.0.2)
    Npgsql (8.0.0-preview.1)
      Microsoft.Extensions.Logging.Abstractions (>= 6.0)
    Npgsql.NetTopologySuite (8.0.0-preview.1)
      NetTopologySuite (>= 2.5)
      NetTopologySuite.IO.PostGis (>= 2.1)
      Npgsql (>= 8.0.0-preview.1)
    NuGet.Frameworks (6.5)
    System.Collections.Immutable (7.0)
    System.Memory (4.5.5)
    System.Reflection.Metadata (7.0)
      System.Collections.Immutable (>= 7.0)
    xunit (2.4.2)
      xunit.analyzers (>= 1.0)
      xunit.assert (>= 2.4.2)
      xunit.core (2.4.2)
    xunit.abstractions (2.0.3)
    xunit.analyzers (1.1)
    xunit.assert (2.4.2)
      NETStandard.Library (>= 1.6.1)
    xunit.core (2.4.2)
      xunit.extensibility.core (2.4.2)
      xunit.extensibility.execution (2.4.2)
    xunit.extensibility.core (2.4.2)
      NETStandard.Library (>= 1.6.1)
      xunit.abstractions (>= 2.0.3)
    xunit.extensibility.execution (2.4.2)
      NETStandard.Library (>= 1.6.1)
      xunit.extensibility.core (2.4.2)
    xunit.runner.visualstudio (2.4.5)

GROUP tpsdk
STORAGE: NONE
RESTRICTION: == netstandard2.0
GITHUB
  remote: kerams/FSharp.TypeProviders.SDK
    src/ProvidedTypes.fs (05910a8380e50deec6c3a67da97ce9d7482226db)
    src/ProvidedTypes.fsi (05910a8380e50deec6c3a67da97ce9d7482226db)