STORAGE: NONE
RESTRICTION: == netstandard2.0
NUGET
  remote: https://api.nuget.org/v3/index.json
    FSharp.Core (9.0.303)
    Microsoft.Bcl.AsyncInterfaces (9.0.10)
      System.Threading.Tasks.Extensions (>= 4.5.4)
    Microsoft.Bcl.HashCode (6.0)
    Microsoft.Extensions.DependencyInjection.Abstractions (9.0.10)
      Microsoft.Bcl.AsyncInterfaces (>= 9.0.10)
      System.Threading.Tasks.Extensions (>= 4.5.4)
    Microsoft.Extensions.Logging.Abstractions (9.0.10)
      Microsoft.Extensions.DependencyInjection.Abstractions (>= 9.0.10)
      System.Buffers (>= 4.5.1)
      System.Diagnostics.DiagnosticSource (>= 9.0.10)
      System.Memory (>= 4.5.5)
    NetTopologySuite (2.6)
      System.Memory (>= 4.6)
    NetTopologySuite.IO.PostGis (2.1)
      NetTopologySuite (>= 2.0 < 3.0.0-A)
    Npgsql (7.0.10)
      Microsoft.Bcl.HashCode (>= 1.1.1)
      Microsoft.Extensions.Logging.Abstractions (>= 6.0)
      System.Collections.Immutable (>= 7.0)
      System.Diagnostics.DiagnosticSource (>= 6.0)
      System.Runtime.CompilerServices.Unsafe (>= 6.0)
      System.Text.Json (>= 7.0)
      System.Threading.Channels (>= 7.0)
    Npgsql.NetTopologySuite (7.0.10)
      NetTopologySuite (>= 2.5)
      NetTopologySuite.IO.PostGis (>= 2.1)
      Npgsql (>= 7.0.10)
    System.Buffers (4.6.1)
    System.Collections.Immutable (9.0.10)
      System.Memory (>= 4.5.5)
      System.Runtime.CompilerServices.Unsafe (>= 6.0)
    System.Diagnostics.DiagnosticSource (9.0.10)
      System.Memory (>= 4.5.5)
      System.Runtime.CompilerServices.Unsafe (>= 6.0)
    System.IO.Pipelines (9.0.10)
      System.Buffers (>= 4.5.1)
      System.Memory (>= 4.5.5)
      System.Threading.Tasks.Extensions (>= 4.5.4)
    System.Memory (4.6.3)
      System.Buffers (>= 4.6.1)
      System.Numerics.Vectors (>= 4.6.1)
      System.Runtime.CompilerServices.Unsafe (>= 6.1.2)
    System.Numerics.Vectors (4.6.1)
    System.Runtime.CompilerServices.Unsafe (6.1.2)
    System.Text.Encodings.Web (9.0.10)
      System.Buffers (>= 4.5.1)
      System.Memory (>= 4.5.5)
      System.Runtime.CompilerServices.Unsafe (>= 6.0)
    System.Text.Json (9.0.10)
      Microsoft.Bcl.AsyncInterfaces (>= 9.0.10)
      System.Buffers (>= 4.5.1)
      System.IO.Pipelines (>= 9.0.10)
      System.Memory (>= 4.5.5)
      System.Runtime.CompilerServices.Unsafe (>= 6.0)
      System.Text.Encodings.Web (>= 9.0.10)
      System.Threading.Tasks.Extensions (>= 4.5.4)
    System.Threading.Channels (9.0.10)
      Microsoft.Bcl.AsyncInterfaces (>= 9.0.10)
      System.Threading.Tasks.Extensions (>= 4.5.4)
    System.Threading.Tasks.Extensions (4.6.3)
      System.Runtime.CompilerServices.Unsafe (>= 6.1.2)

GROUP tests
STORAGE: NONE
RESTRICTION: == net9.0
NUGET
  remote: https://api.nuget.org/v3/index.json
    FSharp.Core (9.0.303)
    Microsoft.CodeCoverage (18.0)
    Microsoft.Extensions.DependencyInjection.Abstractions (10.0.0-rc.2.25502.107)
    Microsoft.Extensions.Logging.Abstractions (10.0.0-rc.2.25502.107)
      Microsoft.Extensions.DependencyInjection.Abstractions (>= 10.0.0-rc.2.25502.107)
      System.Diagnostics.DiagnosticSource (>= 10.0.0-rc.2.25502.107)
    Microsoft.NET.Test.Sdk (18.0)
      Microsoft.CodeCoverage (>= 18.0)
      Microsoft.TestPlatform.TestHost (>= 18.0)
    Microsoft.TestPlatform.ObjectModel (18.0)
      System.Reflection.Metadata (>= 8.0)
    Microsoft.TestPlatform.TestHost (18.0)
      Microsoft.TestPlatform.ObjectModel (>= 18.0)
      Newtonsoft.Json (>= 13.0.3)
    NetTopologySuite (2.6)
    NetTopologySuite.IO.PostGis (2.1)
      NetTopologySuite (>= 2.0 < 3.0.0-A)
    Newtonsoft.Json (13.0.4)
    Npgsql (10.0.0-rc.1)
      Microsoft.Extensions.Logging.Abstractions (>= 10.0.0-rc.1.25451.107)
    Npgsql.NetTopologySuite (10.0.0-rc.1)
      NetTopologySuite (>= 2.6)
      NetTopologySuite.IO.PostGis (>= 2.1)
      Npgsql (>= 10.0.0-rc.1)
    System.Diagnostics.DiagnosticSource (10.0.0-rc.2.25502.107)
    System.Reflection.Metadata (9.0.10)
    xunit (2.9.3)
      xunit.analyzers (>= 1.18)
      xunit.assert (>= 2.9.3)
      xunit.core (2.9.3)
    xunit.abstractions (2.0.3)
    xunit.analyzers (1.24)
    xunit.assert (2.9.3)
    xunit.core (2.9.3)
      xunit.extensibility.core (2.9.3)
      xunit.extensibility.execution (2.9.3)
    xunit.extensibility.core (2.9.3)
      xunit.abstractions (>= 2.0.3)
    xunit.extensibility.execution (2.9.3)
      xunit.extensibility.core (2.9.3)
    xunit.runner.visualstudio (3.1.5)

GROUP tpsdk
STORAGE: NONE
RESTRICTION: == netstandard2.0
GITHUB
  remote: kerams/FSharp.TypeProviders.SDK
    src/ProvidedTypes.fs (05910a8380e50deec6c3a67da97ce9d7482226db)
    src/ProvidedTypes.fsi (05910a8380e50deec6c3a67da97ce9d7482226db)